GEM
  remote: https://rubygems.org/
  specs:
    bourbon (4.2.7)
      sass (~> 3.4)
      thor (~> 0.19)
    haml (4.0.7)
      tilt
    jasmine (2.4.0)
      jasmine-core (~> 2.4)
      phantomjs
      rack (>= 1.2.1)
      rake
    jasmine-core (2.4.1)
    neat (1.8.0)
      sass (>= 3.3)
      thor (~> 0.19)
    phantomjs (2.1.1.0)
    rack (2.0.7)
    rake (11.2.2)
    sass (3.4.22)
    thor (0.19.1)
    tilt (2.0.5)

PLATFORMS
  ruby

DEPENDENCIES
  bourbon
  haml
  jasmine
  neat
  rake
  sass

BUNDLED WITH
   1.12.5
